GEM
  remote: https://rubygems.org/
  specs:
    mustermann (1.0.2)
    rack (2.1.1)
    rack-protection (2.0.2)
      rack
    sinatra (2.0.2)
      mustermann (~> 1.0)
      rack (~> 2.0)
      rack-protection (= 2.0.2)
      tilt (~> 2.0)
    slim (4.0.1)
      temple (>= 0.7.6, < 0.9)
      tilt (>= 2.0.6, < 2.1)
    temple (0.8.2)
    tilt (2.0.10)

PLATFORMS
  ruby

DEPENDENCIES
  sinatra
  slim

BUNDLED WITH
   2.1.4
